GIT
  remote: https://github.com/everypolitician/scraped
  revision: aabdf259f6cc2f746b50352e078a9141450e8d6e
  specs:
    scraped (0.1.0)
      field_serializer
      nokogiri
      require_all

GIT
  remote: https://github.com/openaustralia/scraperwiki-ruby
  revision: fc50176812505e463077d5c673d504a6a234aa78
  branch: morph_defaults
  specs:
    scraperwiki (3.0.1)
      httpclient
      sqlite_magic

GEM
  remote: https://rubygems.org/
  specs:
    ast (2.3.0)
    coderay (1.1.0)
    field_serializer (0.2.0)
    httpclient (2.8.2.4)
    method_source (0.8.2)
    mini_portile (0.6.2)
    nokogiri (1.6.6.2)
      mini_portile (~> 0.6.0)
    open-uri-cached (0.0.5)
    parser (2.3.3.1)
      ast (~> 2.2)
    powerpack (0.1.1)
    pry (0.10.1)
      coderay (~> 1.1.0)
      method_source (~> 0.8.1)
      slop (~> 3.4)
    rainbow (2.1.0)
    rake (11.2.2)
    require_all (1.3.3)
    rubocop (0.46.0)
      parser (>= 2.3.1.1, < 3.0)
      powerpack (~> 0.1)
      rainbow (>= 1.99.1, < 3.0)
      ruby-progressbar (~> 1.7)
      unicode-display_width (~> 1.0, >= 1.0.1)
    ruby-progressbar (1.8.1)
    slop (3.6.0)
    sqlite3 (1.3.12)
    sqlite_magic (0.0.6)
      sqlite3
    unicode-display_width (1.1.2)

PLATFORMS
  ruby

DEPENDENCIES
  nokogiri
  open-uri-cached
  pry
  rake
  rubocop
  scraped!
  scraperwiki!

RUBY VERSION
   ruby 2.3.1p112

BUNDLED WITH
   1.13.6
